GEM
  remote: http://rubygems.org/
  specs:
    coffee-script (2.2.0)
      coffee-script-source
      execjs
    coffee-script-source (1.2.0)
    commonjs (0.2.0)
      therubyracer (~> 0.9.9)
    directory_watcher (1.4.1)
    execjs (1.3.0)
      multi_json (~> 1.0)
    foreman (0.41.0)
      thor (>= 0.13.6)
    haml (3.1.4)
    less (2.0.9)
      commonjs (~> 0.2.0)
      therubyracer (~> 0.9.9)
    libv8 (3.3.10.4)
    multi_json (1.1.0)
    redis (2.2.2)
    slop (2.1.0)
    smart_asset (0.5.9)
    stasis (0.1.21)
      directory_watcher (~> 1.4.1)
      redis (~> 2.2.2)
      slop (~> 2.1.0)
      tilt (~> 1.3.3)
      yajl-ruby (~> 1.0.0)
    therubyracer (0.9.10)
      libv8 (~> 3.3.10)
    thor (0.14.6)
    tilt (1.3.3)
    yajl-ruby (1.0.0)

PLATFORMS
  ruby

DEPENDENCIES
  coffee-script
  foreman
  haml
  less
  smart_asset
  stasis
