GEM
  remote: http://rubygems.org/
  specs:
    coffee-script (2.2.0)
      coffee-script-source
      execjs
    coffee-script-source (1.2.0)
    directory_watcher (1.4.1)
    execjs (1.2.13)
      multi_json (~> 1.0)
    haml (3.1.4)
    multi_json (1.0.4)
    redis (2.2.2)
    slop (2.1.0)
    smart_asset (0.5.9)
    stasis (0.1.14)
      directory_watcher (~> 1.4.1)
      redis (~> 2.2.2)
      slop (~> 2.1.0)
      tilt (~> 1.3.3)
      yajl-ruby (~> 1.0.0)
    tilt (1.3.3)
    yajl-ruby (1.0.0)

PLATFORMS
  ruby

DEPENDENCIES
  coffee-script
  haml
  smart_asset
  stasis
